GEM
  remote: https://rubygems.org/
  specs:
    highline (1.6.21)
    rake (10.3.2)

PLATFORMS
  ruby

DEPENDENCIES
  highline
  rake
